GIT
  remote: git://github.com/kristianmandrup/geo_point.git
  revision: 057d50c266d86cb28d79f23b9c7ab14077af25bd
  specs:
    geo_point (0.2.6)
      geo_calc (>= 0.7.7.1)

GIT
  remote: git://github.com/kristianmandrup/geo_units.git
  revision: 755d03a445f9bea166d665db275dba186653612b
  specs:
    geo_units (0.3.4)
      activesupport (>= 4)
      i18n (>= 0.8)
      sugar-high (~> 0.7.2)
      sweetloader (~> 0.1.6)

GEM
  remote: http://rubygems.org/
  specs:
    activesupport (5.1.4)
      concurrent-ruby (~> 1.0, >= 1.0.2)
      i18n (~> 0.7)
      minitest (~> 5.1)
      tzinfo (~> 1.1)
    concurrent-ruby (1.0.5)
    diff-lcs (1.1.2)
    geo_calc (0.7.8)
      activesupport (>= 3.0.1)
      geo_units (~> 0.3.2)
      i18n (>= 0.5)
      require_all (>= 1.2.0)
      sugar-high (~> 0.7.2)
      sweetloader
    git (1.2.5)
    i18n (0.8.6)
    jeweler (1.6.2)
      bundler (~> 1.0)
      git (>= 1.2.5)
      rake
    minitest (5.10.3)
    rake (0.9.2)
    require_all (1.4.0)
    rspec (2.6.0)
      rspec-core (~> 2.6.0)
      rspec-expectations (~> 2.6.0)
      rspec-mocks (~> 2.6.0)
    rspec-core (2.6.4)
    rspec-expectations (2.6.0)
      diff-lcs (~> 1.1.2)
    rspec-mocks (2.6.0)
    sugar-high (0.7.3)
    sweetloader (0.1.6)
      activesupport (>= 3.0.1)
      i18n
    thread_safe (0.3.6)
    tzinfo (1.2.3)
      thread_safe (~> 0.1)

PLATFORMS
  ruby

DEPENDENCIES
  activesupport
  bundler (>= 1.11)
  geo_point!
  geo_units!
  i18n
  jeweler (>= 1.6.2)
  rspec (~> 2.6.0)

BUNDLED WITH
   1.12.5
