PATH
  remote: /Users/kristianconsult/ruby-gems/geo_units
  specs:
    geo_units (0.2.4.1)
      sugar-high (~> 0.4.6.2)

GEM
  remote: http://rubygems.org/
  specs:
    activesupport (3.0.9)
    diff-lcs (1.1.2)
    geo_calc (0.7.6)
      activesupport (>= 3.0.1)
      geo_units (~> 0.2.1)
      i18n
      require_all (~> 1.2.0)
      sugar-high (~> 0.4.6.3)
    geo_point (0.2.5)
      geo_calc (~> 0.7.5)
      geo_units (~> 0.2.1)
    git (1.2.5)
    i18n (0.6.0)
    jeweler (1.6.2)
      bundler (~> 1.0)
      git (>= 1.2.5)
      rake
    rake (0.9.2)
    rcov (0.9.9)
    require_all (1.2.0)
    rspec (2.6.0)
      rspec-core (~> 2.6.0)
      rspec-expectations (~> 2.6.0)
      rspec-mocks (~> 2.6.0)
    rspec-core (2.6.4)
    rspec-expectations (2.6.0)
      diff-lcs (~> 1.1.2)
    rspec-mocks (2.6.0)
    sugar-high (0.4.6.4)

PLATFORMS
  ruby

DEPENDENCIES
  bundler (~> 1.0.10)
  geo_point (~> 0.2.5)
  geo_units (>= 0.2.4)!
  jeweler (~> 1.6.2)
  rcov
  rspec (>= 2.6.0)
